GEM
  remote: http://rubygems.org/
  specs:
    childprocess (0.3.9)
      ffi (1.0.11)
    diff-lcs (1.2.4)
    ffi (1.9.0)
    growl (1.0.3)
    jasmine (1.3.2)
      jasmine-core (1.3.1)
      rack (1.0)
      rspec (1.3.1)
      selenium-webdriver (0.1.3)
    jasmine-core (1.3.1)
    multi_json (1.7.7)
    rack (1.5.2)
    rake (10.1.0)
    rspec (2.13.0)
      rspec-core (2.13.0)
      rspec-expectations (2.13.0)
      rspec-mocks (2.13.0)
    rspec-core (2.13.1)
    rspec-expectations (2.13.0)
      diff-lcs (1.1.3)
    rspec-mocks (2.13.1)
    rubyzip (0.9.9)
    selenium-webdriver (2.33.0)
      childprocess (0.2.5)
      multi_json (1.0)
      rubyzip
      websocket (1.0.4)
    websocket (1.0.7)

PLATFORMS
  ruby

DEPENDENCIES
  growl
  jasmine (1.2)
  rake
